GEM
  remote: https://rubygems.org/
  specs:
    dotenv (2.2.0)

PLATFORMS
  ruby

DEPENDENCIES
  dotenv!

BUNDLED WITH
   1.14.5
